PATH
  remote: .
  specs:
    chichilku3 (15.0.3)
      fileutils (~> 1.6.0)
      gosu (~> 1.4.3)
      os (~> 1.0.1)
      rspec (~> 3.9.0)
      rubyzip (~> 2.3.0)

GEM
  remote: https://rubygems.org/
  specs:
    diff-lcs (1.5.1)
    fileutils (1.6.0)
    gosu (1.4.6)
    os (1.0.1)
    rspec (3.9.0)
      rspec-core (~> 3.9.0)
      rspec-expectations (~> 3.9.0)
      rspec-mocks (~> 3.9.0)
    rspec-core (3.9.3)
      rspec-support (~> 3.9.3)
    rspec-expectations (3.9.4)
      diff-lcs (>= 1.2.0, < 2.0)
      rspec-support (~> 3.9.0)
    rspec-mocks (3.9.1)
      diff-lcs (>= 1.2.0, < 2.0)
      rspec-support (~> 3.9.0)
    rspec-support (3.9.4)
    rubyzip (2.3.2)

PLATFORMS
  arm64-darwin-22
  arm64-darwin-23
  x86_64-linux

DEPENDENCIES
  chichilku3!

BUNDLED WITH
   2.3.7
