GEM
  remote: https://rubygems.org/
  specs:
    fileutils (1.2.0)
    gosu (0.14.5)
    os (1.0.1)

PLATFORMS
  ruby

DEPENDENCIES
  fileutils
  gosu
  os

BUNDLED WITH
   1.16.5
